PATH
  remote: .
  specs:
    jenky (0.1.0)
      json
      rest-client
      sinatra

GEM
  remote: https://rubygems.org/
  specs:
    daemons (1.1.8)
    diff-lcs (1.1.3)
    eventmachine (0.12.10)
    fakefs (0.4.0)
    json (1.7.3)
    mime-types (1.18)
    rack (1.4.1)
    rack-protection (1.2.0)
      rack
    rack-test (0.6.1)
      rack (>= 1.0)
    rest-client (1.6.7)
      mime-types (>= 1.16)
    rspec (2.9.0)
      rspec-core (~> 2.9.0)
      rspec-expectations (~> 2.9.0)
      rspec-mocks (~> 2.9.0)
    rspec-core (2.9.0)
    rspec-expectations (2.9.1)
      diff-lcs (~> 1.1.3)
    rspec-mocks (2.9.0)
    sinatra (1.3.2)
      rack (~> 1.3, >= 1.3.6)
      rack-protection (~> 1.2)
      tilt (~> 1.3, >= 1.3.3)
    thin (1.3.1)
      daemons (>= 1.0.9)
      eventmachine (>= 0.12.6)
      rack (>= 1.0.0)
    tilt (1.3.3)

PLATFORMS
  ruby

DEPENDENCIES
  fakefs
  jenky!
  rack-test
  rspec (= 2.9.0)
  thin
